GEM
  remote: https://rubygems.org/
  specs:
    addressable (2.3.8)
    aws-sdk (2.1.20)
      aws-sdk-resources (= 2.1.20)
    aws-sdk-core (2.1.20)
      jmespath (~> 1.0)
    aws-sdk-resources (2.1.20)
      aws-sdk-core (= 2.1.20)
    faraday (0.9.1)
      multipart-post (>= 1.2, < 3)
    git-lfs-s3 (0.1.1)
      aws-sdk (~> 2)
      multi_json
      sinatra
    highline (1.7.3)
    jmespath (1.0.2)
      multi_json (~> 1.0)
    multi_json (1.11.2)
    multipart-post (2.0.0)
    octokit (4.1.0)
      sawyer (~> 0.6.0, >= 0.5.3)
    rack (1.6.4)
    rack-protection (1.5.3)
      rack
    sawyer (0.6.0)
      addressable (~> 2.3.5)
      faraday (~> 0.8, < 0.10)
    sinatra (1.4.6)
      rack (~> 1.4)
      rack-protection (~> 1.4)
      tilt (>= 1.3, < 3)
    tilt (2.0.1)

PLATFORMS
  ruby

DEPENDENCIES
  git-lfs-s3 (= 0.1.1)
  highline (= 1.7.3)
  octokit (= 4.1.0)

BUNDLED WITH
   1.10.6
