GEM
  remote: https://rubygems.org/
  specs:
    addressable (2.3.8)
    after_do (0.3.1)
    aws-sdk (2.1.35)
      aws-sdk-resources (= 2.1.35)
    aws-sdk-core (2.1.35)
      jmespath (~> 1.0)
    aws-sdk-resources (2.1.35)
      aws-sdk-core (= 2.1.35)
    faraday (0.9.2)
      multipart-post (>= 1.2, < 3)
    ffi (1.9.10)
    ffi-compiler (0.1.3)
      ffi (>= 1.0.0)
      rake
    highline (1.7.3)
    jmespath (1.1.3)
    json (1.8.3)
    lsst-git-lfs-s3 (0.2.6)
      aws-sdk (~> 2)
      multi_json (~> 1)
      sinatra (~> 1)
    multi_json (1.11.2)
    multipart-post (2.0.0)
    octokit (4.1.0)
      sawyer (~> 0.6.0, >= 0.5.3)
    passenger (5.0.20)
      rack
      rake (>= 0.8.1)
    rack (1.6.4)
    rack-protection (1.5.3)
      rack
    rake (10.4.2)
    redis (3.2.1)
    sawyer (0.6.0)
      addressable (~> 2.3.5)
      faraday (~> 0.8, < 0.10)
    scrypt (2.0.2)
      ffi-compiler (>= 0.0.2)
      rake
    sinatra (1.4.6)
      rack (~> 1.4)
      rack-protection (~> 1.4)
      tilt (>= 1.3, < 3)
    tilt (2.0.1)

PLATFORMS
  ruby

DEPENDENCIES
  after_do (= 0.3.1)
  highline (= 1.7.3)
  json (~> 1.8.3)
  lsst-git-lfs-s3 (= 0.2.6)
  octokit (= 4.1.0)
  passenger (= 5.0.20)
  redis (= 3.2.1)
  scrypt (= 2.0.2)
